GEM
  remote: https://rubygems.org/
  specs:
    minitest (5.11.3)
    rake (12.3.1)
    rantly (1.2.0)

PLATFORMS
  ruby

DEPENDENCIES
  minitest
  rake
  rantly

BUNDLED WITH
   1.17.1
